GEM
  remote: https://rubygems.org/
  specs:
    crass (1.0.4)
    daemons (1.3.1)
    dotenv (2.7.4)
    eventmachine (1.2.7)
    eventmachine (1.2.7-x64-mingw32)
    foreman (0.85.0)
      thor (~> 0.19.1)
    httparty (0.17.0)
      mime-types (~> 3.0)
      multi_xml (>= 0.5.2)
    mime-types (3.2.2)
      mime-types-data (~> 3.2015)
    mime-types-data (3.2019.0331)
    mini_portile2 (2.4.0)
    multi_xml (0.6.0)
    mustermann (1.0.3)
    nokogiri (1.10.3)
      mini_portile2 (~> 2.4.0)
    nokogiri (1.10.3-x64-mingw32)
      mini_portile2 (~> 2.4.0)
    nokogumbo (2.0.1)
      nokogiri (~> 1.8, >= 1.8.4)
    rack (2.0.7)
    rack-protection (2.0.5)
      rack
    redis (4.1.2)
    sanitize (5.0.0)
      crass (~> 1.0.2)
      nokogiri (>= 1.8.0)
      nokogumbo (~> 2.0)
    sinatra (2.0.5)
      mustermann (~> 1.0)
      rack (~> 2.0)
      rack-protection (= 2.0.5)
      tilt (~> 2.0)
    text (1.3.1)
    thin (1.7.2)
      daemons (~> 1.0, >= 1.0.9)
      eventmachine (~> 1.0, >= 1.0.4)
      rack (>= 1, < 3)
    thor (0.19.4)
    tilt (2.0.9)

PLATFORMS
  ruby
  x64-mingw32

DEPENDENCIES
  dotenv
  foreman
  httparty
  redis
  sanitize
  sinatra
  text
  thin

RUBY VERSION
   ruby 2.5.5p157

BUNDLED WITH
   2.0.2
